GEM
  remote: https://rubygems.org/
  specs:
    addressable (2.8.7)
      public_suffix (>= 2.0.2, < 7.0)
    domain_name (0.6.20240107)
    http-accept (1.7.0)
    http-cookie (1.0.7)
      domain_name (~> 0.5)
    mime-types (3.5.2)
      mime-types-data (~> 3.2015)
    mime-types-data (3.2024.0903)
    netrc (0.11.0)
    public_suffix (6.0.1)
    rest-client (2.1.0)
      http-accept (>= 1.7.0, < 2.0)
      http-cookie (>= 1.0.2, < 2.0)
      mime-types (>= 1.16, < 4.0)
      netrc (~> 0.8)
    ro-crate (0.5.2)
      addressable (>= 2.7, < 2.9)
      rubyzip (~> 2.0.0)
    rubyzip (2.0.0)

PLATFORMS
  x86_64-linux

DEPENDENCIES
  rest-client
  ro-crate

BUNDLED WITH
   2.4.1
